GEM
  remote: http://rubygems.org/
  specs:
    activerecord (3.2.14)
    activesupport (3.0.12)
    sqlite3 (1.3.5)

PLATFORMS
  ruby

DEPENDENCIES
  activerecord
  activesupport
  sqlite3
